GEM
  remote: https://rubygems.org/
  specs:
    abstract (1.0.0)
    addressable (2.8.6)
      public_suffix (>= 2.0.2, < 6.0)
    base64 (0.2.0)
    em-websocket (0.5.3)
      eventmachine (>= 0.12.9)
      http_parser.rb (~> 0)
    eventmachine (1.2.7)
    http_parser.rb (0.8.0)
    json-rpc-objects (0.4.6)
      abstract (>= 1.0.0)
      addressable (>= 2.2.2)
      json-rpc-objects-json (>= 0.1.1)
      ruby-version (>= 0.4.0)
    json-rpc-objects-json (0.1.1)
      multi_json
    multi_json (1.15.0)
    public_suffix (5.0.4)
    ruby-version (0.4.3)
    websocket (1.2.10)
    websocket-driver (0.7.6)
      websocket-extensions (>= 0.1.0)
    websocket-eventmachine-base (1.2.0)
      eventmachine (~> 1.0)
      websocket (~> 1.0)
      websocket-native (~> 1.0)
    websocket-eventmachine-client (1.3.0)
      websocket-eventmachine-base (~> 1.0)
    websocket-eventmachine-server (1.0.1)
      websocket-eventmachine-base (~> 1.0)
    websocket-extensions (0.1.5)
    websocket-native (1.0.0)

PLATFORMS
  ruby
  x86_64-linux

DEPENDENCIES
  base64 (~> 0.2.0)
  em-websocket (~> 0.5.3)
  json-rpc-objects
  websocket-driver (~> 0.7.6)
  websocket-eventmachine-client (~> 1.3)
  websocket-eventmachine-server (~> 1.0)

BUNDLED WITH
   2.5.3
