GEM
  remote: https://rubygems.org/
  specs:
    abstract (1.0.0)
    addressable (2.8.6)
      public_suffix (>= 2.0.2, < 6.0)
    async (2.8.1)
      console (~> 1.10)
      fiber-annotation
      io-event (~> 1.1)
      timers (~> 4.1)
    async-http (0.63.0)
      async (>= 1.25)
      async-io (>= 1.28)
      async-pool (>= 0.2)
      protocol-http (~> 0.26.0)
      protocol-http1 (~> 0.18.0)
      protocol-http2 (~> 0.16.0)
      traces (>= 0.10.0)
    async-io (1.41.0)
      async
    async-pool (0.4.0)
      async (>= 1.25)
    async-websocket (0.26.0)
      async-http (~> 0.54)
      async-io (~> 1.23)
      protocol-rack (~> 0.1)
      protocol-websocket (~> 0.11)
    base64 (0.2.0)
    console (1.23.4)
      fiber-annotation
      fiber-local
      json
    debug (1.9.1)
      irb (~> 1.10)
      reline (>= 0.3.8)
    em-websocket (0.5.3)
      eventmachine (>= 0.12.9)
      http_parser.rb (~> 0)
    eventmachine (1.2.7)
    fiber-annotation (0.2.0)
    fiber-local (1.0.0)
    http_parser.rb (0.8.0)
    io-console (0.7.2)
    io-event (1.4.3)
    irb (1.11.2)
      rdoc
      reline (>= 0.4.2)
    json (2.7.1)
    json-rpc-objects (0.4.6)
      abstract (>= 1.0.0)
      addressable (>= 2.2.2)
      json-rpc-objects-json (>= 0.1.1)
      ruby-version (>= 0.4.0)
    json-rpc-objects-json (0.1.1)
      multi_json
    multi_json (1.15.0)
    protocol-hpack (1.4.2)
    protocol-http (0.26.1)
    protocol-http1 (0.18.0)
      protocol-http (~> 0.22)
    protocol-http2 (0.16.0)
      protocol-hpack (~> 1.4)
      protocol-http (~> 0.18)
    protocol-rack (0.4.1)
      protocol-http (~> 0.23)
      rack (>= 1.0)
    protocol-websocket (0.12.1)
      protocol-http (~> 0.2)
    psych (5.1.2)
      stringio
    public_suffix (5.0.4)
    rack (3.0.9)
    rdoc (6.6.2)
      psych (>= 4.0.0)
    reline (0.4.2)
      io-console (~> 0.5)
    ruby-version (0.4.3)
    stringio (3.1.0)
    timers (4.3.5)
    traces (0.11.1)
    websocket (1.2.10)
    websocket-driver (0.7.6)
      websocket-extensions (>= 0.1.0)
    websocket-eventmachine-base (1.2.0)
      eventmachine (~> 1.0)
      websocket (~> 1.0)
      websocket-native (~> 1.0)
    websocket-eventmachine-client (1.3.0)
      websocket-eventmachine-base (~> 1.0)
    websocket-eventmachine-server (1.0.1)
      websocket-eventmachine-base (~> 1.0)
    websocket-extensions (0.1.5)
    websocket-native (1.0.0)

PLATFORMS
  ruby
  x86_64-linux

DEPENDENCIES
  async-websocket
  base64 (~> 0.2.0)
  debug
  em-websocket (~> 0.5.3)
  json-rpc-objects
  websocket-driver (~> 0.7.6)
  websocket-eventmachine-client (~> 1.3)
  websocket-eventmachine-server (~> 1.0)

BUNDLED WITH
   2.5.3
